GEM
  remote: http://rubygems.org/
  specs:
    git (1.2.5)
    jeweler (1.6.4)
      bundler (~> 1.0)
      git (>= 1.2.5)
      rake
    mime-types (1.16)
    rake (0.9.2)
    shoulda (2.11.3)
    typhoeus (0.2.4)
      mime-types
      mime-types
    yajl-ruby (1.1.0)

PLATFORMS
  ruby

DEPENDENCIES
  bundler (~> 1.0.0)
  jeweler (~> 1.6.4)
  shoulda (~> 2.11.3)
  typhoeus (>= 0.2.4)
  yajl-ruby
